PATH
  remote: .
  specs:
    paperback (0.0.1)
      activesupport (~> 4.0.0)
      aws-sdk (~> 1.10.0)
      climate_control (~> 0.0.3)
      cocaine (~> 0.5.1)
      coderay (~> 1.0.9)
      dotenv (~> 0.7.0)
      kindlegen (~> 2.7.0)
      mime-types (~> 1.23)
      nokogiri (~> 1.5.9)
      pdf-reader (~> 1.3.2)
      redcarpet (~> 2.2.2)
      rmagick (~> 2.13.1)
      terminal-table (~> 1.4.5)
      thor (~> 0.16.0)

GEM
  remote: https://rubygems.org/
  specs:
    Ascii85 (1.0.2)
    activesupport (4.0.0)
      i18n (~> 0.6, >= 0.6.4)
      minitest (~> 4.2)
      multi_json (~> 1.3)
      thread_safe (~> 0.1)
      tzinfo (~> 0.3.37)
    afm (0.2.0)
    aruba (0.5.1)
      childprocess (~> 0.3.6)
      cucumber (>= 1.1.1)
      rspec-expectations (>= 2.7.0)
    aruba-doubles (1.2.1)
      cucumber (>= 1.0.2)
      rspec (>= 2.6.0)
    ast (1.1.0)
    atomic (1.1.12)
    aws-sdk (1.10.0)
      json (~> 1.4)
      nokogiri (>= 1.4.4)
      uuidtools (~> 2.1)
    bourne (1.3.0)
      mocha (= 0.13.0)
    builder (3.1.4)
    childprocess (0.3.6)
      ffi (~> 1.0, >= 1.0.6)
    climate_control (0.0.3)
      activesupport (>= 3.0)
    cocaine (0.5.1)
      climate_control (>= 0.0.3, < 1.0)
    coderay (1.0.9)
    cucumber (1.2.1)
      builder (>= 2.1.2)
      diff-lcs (>= 1.1.3)
      gherkin (~> 2.11.0)
      json (>= 1.4.6)
    diff-lcs (1.1.3)
    dotenv (0.7.0)
    ffi (1.3.1)
    gherkin (2.11.5)
      json (>= 1.4.6)
    hashery (2.1.0)
    i18n (0.6.4)
    json (1.7.6)
    kindlegen (2.7.0)
      systemu
    metaclass (0.0.1)
    mime-types (1.23)
    minitest (4.7.5)
    mocha (0.13.0)
      metaclass (~> 0.0.1)
    multi_json (1.7.8)
    nokogiri (1.5.10)
    parser (2.0.0)
      ast (~> 1.1)
      slop (~> 3.4, >= 3.4.5)
    pdf-reader (1.3.3)
      Ascii85 (~> 1.0.0)
      afm (~> 0.2.0)
      hashery (~> 2.0)
      ruby-rc4
      ttfunk
    powerpack (0.0.8)
    rainbow (1.1.4)
    rake (10.0.3)
    redcarpet (2.2.2)
    rmagick (2.13.2)
    rspec (2.12.0)
      rspec-core (~> 2.12.0)
      rspec-expectations (~> 2.12.0)
      rspec-mocks (~> 2.12.0)
    rspec-core (2.12.2)
    rspec-expectations (2.12.1)
      diff-lcs (~> 1.1.3)
    rspec-mocks (2.12.1)
    rubocop (0.14.1)
      parser (~> 2.0)
      powerpack (~> 0.0.6)
      rainbow (>= 1.1.4)
    ruby-rc4 (0.1.5)
    slop (3.4.6)
    systemu (2.5.2)
    terminal-table (1.4.5)
    thor (0.16.0)
    thread_safe (0.1.2)
      atomic
    ttfunk (1.0.3)
    tzinfo (0.3.37)
    uuidtools (2.1.4)

PLATFORMS
  ruby

DEPENDENCIES
  aruba (~> 0.5.1)
  aruba-doubles (~> 1.2.1)
  bourne (~> 1.3.0)
  paperback!
  rake (~> 10.0.3)
  rspec (~> 2.12.0)
  rubocop (= 0.14.1)
