GEM
  remote: https://rubygems.org/
  specs:
    Ascii85 (1.0.2)
    activesupport (4.1.8)
      i18n (~> 0.6, >= 0.6.9)
      json (~> 1.7, >= 1.7.7)
      minitest (~> 5.1)
      thread_safe (~> 0.1)
      tzinfo (~> 1.1)
    afm (0.2.2)
    aruba (0.6.1)
      childprocess (>= 0.3.6)
      cucumber (>= 1.1.1)
      rspec-expectations (>= 2.7.0)
    ast (2.0.0)
    builder (3.2.2)
    bundler-audit (0.3.1)
      bundler (~> 1.2)
      thor (~> 0.18)
    childprocess (0.5.5)
      ffi (~> 1.0, >= 1.0.11)
    climate_control (0.0.3)
      activesupport (>= 3.0)
    cocaine (0.5.5)
      climate_control (>= 0.0.3, < 1.0)
    coderay (1.1.0)
    cucumber (1.3.16)
      builder (>= 2.1.2)
      diff-lcs (>= 1.1.3)
      gherkin (~> 2.12)
      multi_json (>= 1.7.5, < 2.0)
      multi_test (>= 0.1.1)
    diff-lcs (1.2.5)
    docker-api (1.22.1)
      excon (>= 0.38.0)
      json
    excon (0.45.4)
    ffi (1.9.6)
    gherkin (2.12.2)
      multi_json (~> 1.3)
    hashery (2.1.1)
    i18n (0.6.11)
    json (1.8.1)
    kindlegen (2.9.4)
    mini_portile (0.6.0)
    minitest (5.4.3)
    multi_json (1.10.1)
    multi_test (0.1.1)
    nokogiri (1.6.3.1)
      mini_portile (= 0.6.0)
    parser (2.2.0.pre.4)
      ast (>= 1.1, < 3.0)
      slop (~> 3.4, >= 3.4.5)
    pdf-reader (1.3.3)
      Ascii85 (~> 1.0.0)
      afm (~> 0.2.0)
      hashery (~> 2.0)
      ruby-rc4
      ttfunk
    powerpack (0.0.9)
    rainbow (2.0.0)
    rake (10.3.2)
    redcarpet (3.2.3)
    rmagick (2.13.4)
    rspec (3.0.0)
      rspec-core (~> 3.0.0)
      rspec-expectations (~> 3.0.0)
      rspec-mocks (~> 3.0.0)
    rspec-core (3.0.4)
      rspec-support (~> 3.0.0)
    rspec-expectations (3.0.4)
      diff-lcs (>= 1.2.0, < 2.0)
      rspec-support (~> 3.0.0)
    rspec-mocks (3.0.4)
      rspec-support (~> 3.0.0)
    rspec-support (3.0.4)
    rubocop (0.25.0)
      parser (>= 2.2.0.pre.4, < 3.0)
      powerpack (~> 0.0.6)
      rainbow (>= 1.99.1, < 3.0)
      ruby-progressbar (~> 1.4)
    ruby-progressbar (1.5.1)
    ruby-rc4 (0.1.5)
    slop (3.6.0)
    terminal-table (1.4.5)
    thor (0.19.1)
    thread_safe (0.3.4)
    ttfunk (1.4.0)
    tzinfo (1.2.2)
      thread_safe (~> 0.1)

PLATFORMS
  ruby

DEPENDENCIES
  activesupport (~> 4.1.5)
  aruba (~> 0.6.1)
  bundler-audit (= 0.3.1)
  cocaine (~> 0.5.4)
  coderay (~> 1.1.0)
  docker-api
  kindlegen (~> 2.9.1)
  nokogiri (~> 1.6.3.1)
  pdf-reader (~> 1.3.3)
  rake (~> 10.3.2)
  redcarpet (~> 3.2.3)
  rmagick (~> 2.13.3)
  rspec (~> 3.0.0)
  rubocop (= 0.25.0)
  terminal-table (~> 1.4.5)
  thor (~> 0.19.1)

BUNDLED WITH
   1.10.5
